GEM
  remote: https://rubygems.org/
  specs:
    coffee-script (2.2.0)
      coffee-script-source
      execjs
    coffee-script-source (1.4.0)
    execjs (1.4.0)
      multi_json (~> 1.0)
    haml (3.1.7)
    libv8 (3.11.8.13)
    multi_json (1.5.0)
    rack (1.4.3)
    rack-protection (1.3.2)
      rack
    ref (1.0.2)
    sass (3.2.5)
    sinatra (1.3.3)
      rack (~> 1.3, >= 1.3.6)
      rack-protection (~> 1.2)
      tilt (~> 1.3, >= 1.3.3)
    therubyracer (0.11.2)
      libv8 (~> 3.11.8.12)
      ref
    tilt (1.3.3)

PLATFORMS
  ruby

DEPENDENCIES
  coffee-script
  haml
  sass
  sinatra
  therubyracer
